GEM
  remote: https://rubygems.org/
  specs:
    rexml (3.2.5)

PLATFORMS
  x64-mingw-ucrt

DEPENDENCIES
  rexml

BUNDLED WITH
   2.3.26
