GEM
  remote: https://rubygems.org/
  specs:
    rexml (3.2.5)

PLATFORMS
  x64-mingw-ucrt
  x86_64-darwin-22

DEPENDENCIES
  rexml

BUNDLED WITH
   2.4.6
